PATH
  remote: ../../../../sdk-ruby
  specs:
    mindee (0.1.0)
      marcel (~> 1.0.2)
      mrz (~> 0.2.0)
      origami (~> 2.1.0)

GEM
  remote: https://rubygems.org/
  specs:
    colorize (0.8.1)
    marcel (1.0.2)
    mrz (0.2.0)
    origami (2.1.0)
      colorize (~> 0.7)

PLATFORMS
  arm64-darwin-21

DEPENDENCIES
  bundler
  mindee!

BUNDLED WITH
   2.3.13
